GIT
  remote: git://github.com/conjurinc/conjur-asset-audit-send.git
  revision: 3b082b24185de12ec5b767ffe60c01f2db7d1b05
  branch: master
  specs:
    conjur-asset-audit-send (1.0.1)

GIT
  remote: git://github.com/conjurinc/conjur-sinatra.git
  revision: 068f9f9f09f4fb5fc801282efffb9b176b864177
  branch: master
  specs:
    conjur-sinatra (0.2.0)
      rack-test
      rspec
      sinatra

GIT
  remote: git://github.com/conjurinc/sqs-job.git
  revision: cb3e407e96abe139102a1bff01a5c61c5edde2e5
  branch: master
  specs:
    sqs-job (1.0.0)
      activesupport
      aws-sdk
      slosilo
      validatable

GEM
  remote: https://rubygems.org/
  specs:
    activesupport (4.2.0)
      i18n (~> 0.7)
      json (~> 1.7, >= 1.7.7)
      minitest (~> 5.1)
      thread_safe (~> 0.3, >= 0.3.4)
      tzinfo (~> 1.1)
    addressable (2.3.7)
    aws-sdk (2.0.28)
      aws-sdk-resources (= 2.0.28)
    aws-sdk-core (2.0.28)
      builder (~> 3.0)
      jmespath (~> 1.0)
      multi_json (~> 1.0)
      multi_xml (~> 0.5)
    aws-sdk-resources (2.0.28)
      aws-sdk-core (= 2.0.28)
    builder (3.2.2)
    cas_rest_client (1.3)
      rest-client (>= 1.4.2)
    ci_reporter (2.0.0)
      builder (>= 2.1.2)
    ci_reporter_rspec (1.0.0)
      ci_reporter (~> 2.0)
      rspec (>= 2.14, < 4)
    coderay (1.1.0)
    conjur-api (4.13.0)
      activesupport
      rest-client (= 1.6.7)
    conjur-asset-ui (1.4.2)
      conjur-api (>= 4.10.2)
      launchy
      puma
      rack
      rack-streaming-proxy (= 2.0.1)
    conjur-cli (4.20.1)
      activesupport
      cas_rest_client
      conjur-api (~> 4.13.0)
      deep_merge
      gli (>= 2.8.0)
      highline
      methadone
      netrc (~> 0.10.2)
    crack (0.4.2)
      safe_yaml (~> 1.0.0)
    deep_merge (1.0.1)
    diff-lcs (1.2.5)
    excon (0.44.3)
    faraday (0.9.1)
      multipart-post (>= 1.2, < 3)
    gli (2.12.3)
    heroku (3.27.2)
      heroku-api (~> 0.3.19)
      launchy (>= 0.3.2)
      multi_json (~> 1.10.1)
      netrc (>= 0.10.0)
      rest-client (= 1.6.7)
      rubyzip (= 0.9.9)
    heroku-api (0.3.22)
      excon (~> 0.38)
      multi_json (~> 1.8)
    highline (1.7.1)
    i18n (0.7.0)
    jmespath (1.0.2)
      multi_json (~> 1.0)
    json (1.8.2)
    launchy (2.4.3)
      addressable (~> 2.3)
    methadone (1.9.0)
      bundler
    method_source (0.8.2)
    mime-types (2.4.3)
    minitest (5.5.1)
    multi_json (1.10.1)
    multi_xml (0.5.5)
    multipart-post (2.0.0)
    net-ssh (2.9.2)
    netrc (0.10.3)
    pry (0.10.1)
      coderay (~> 1.1.0)
      method_source (~> 0.8.1)
      slop (~> 3.4)
    puma (2.11.1)
      rack (>= 1.1, < 2.0)
    rack (1.6.0)
    rack-protection (1.5.3)
      rack
    rack-streaming-proxy (2.0.1)
      rack (>= 1.4)
      servolux (~> 0.10)
    rack-test (0.6.3)
      rack (>= 1.0)
    rake (10.4.2)
    rest-client (1.6.7)
      mime-types (>= 1.16)
    rspec (3.2.0)
      rspec-core (~> 3.2.0)
      rspec-expectations (~> 3.2.0)
      rspec-mocks (~> 3.2.0)
    rspec-core (3.2.1)
      rspec-support (~> 3.2.0)
    rspec-expectations (3.2.0)
      diff-lcs (>= 1.2.0, < 2.0)
      rspec-support (~> 3.2.0)
    rspec-mocks (3.2.1)
      diff-lcs (>= 1.2.0, < 2.0)
      rspec-support (~> 3.2.0)
    rspec-support (3.2.2)
    rubyzip (0.9.9)
    safe_yaml (1.0.4)
    sentry-raven (0.12.3)
      faraday (>= 0.7.6)
    servolux (0.10.0)
    sinatra (1.4.5)
      rack (~> 1.4)
      rack-protection (~> 1.4)
      tilt (~> 1.3, >= 1.3.4)
    slop (3.6.0)
    slosilo (2.0.0)
    thread_safe (0.3.4)
    tilt (1.4.1)
    tzinfo (1.2.2)
      thread_safe (~> 0.1)
    validatable (1.6.7)
    webmock (1.20.4)
      addressable (>= 2.3.6)
      crack (>= 0.3.2)
    yard (0.8.7.6)

PLATFORMS
  ruby

DEPENDENCIES
  activesupport
  ci_reporter_rspec
  conjur-api (~> 4.13.0)
  conjur-asset-audit-send!
  conjur-asset-ui
  conjur-cli (~> 4.20.1)
  conjur-sinatra!
  heroku
  net-ssh
  netrc
  pry
  puma
  rack-test
  rake
  rspec
  sentry-raven (~> 0.12.3)
  sinatra
  sqs-job!
  webmock
  yard
