GIT
  remote: git://github.com/conjurinc/api-ruby.git
  revision: 986ebc558d25b9462d753ad8e6046525f04c68b6
  branch: master
  specs:
    conjur-api (4.22.0)
      activesupport
      rest-client (~> 1.7, >= 1.7.3)
      semantic

GIT
  remote: git://github.com/conjurinc/cli-ruby.git
  revision: 91041b031d913a9dad1642394344d890dfcc89c8
  branch: master
  specs:
    conjur-cli (5.0.0)
      activesupport (~> 4.2)
      cas_rest_client (~> 1.3)
      conjur-api (~> 4.21)
      deep_merge (~> 1.0)
      gli (>= 2.8.0)
      highline (~> 1.7)
      methadone (~> 1.9)
      netrc (~> 0.10.2)
      xdg (~> 2.2)

GIT
  remote: git://github.com/conjurinc/conjur-asset-audit-send.git
  revision: dd397c936ee6c12c1e0a921825cf7c250e640cdd
  branch: master
  specs:
    conjur-asset-audit-send (1.0.2)

GIT
  remote: git://github.com/conjurinc/conjur-sinatra.git
  revision: 068f9f9f09f4fb5fc801282efffb9b176b864177
  branch: master
  specs:
    conjur-sinatra (0.2.0)
      rack-test
      rspec
      sinatra

GIT
  remote: git://github.com/conjurinc/sqs-job.git
  revision: cb3e407e96abe139102a1bff01a5c61c5edde2e5
  branch: master
  specs:
    sqs-job (1.0.0)
      activesupport
      aws-sdk
      slosilo
      validatable

GEM
  remote: https://rubygems.org/
  specs:
    activesupport (4.2.6)
      i18n (~> 0.7)
      json (~> 1.7, >= 1.7.7)
      minitest (~> 5.1)
      thread_safe (~> 0.3, >= 0.3.4)
      tzinfo (~> 1.1)
    addressable (2.4.0)
    aws-sdk (1.66.0)
      aws-sdk-v1 (= 1.66.0)
    aws-sdk-v1 (1.66.0)
      json (~> 1.4)
      nokogiri (>= 1.4.4)
    builder (3.2.2)
    cas_rest_client (1.3)
      rest-client (>= 1.4.2)
    ci_reporter (2.0.0)
      builder (>= 2.1.2)
    ci_reporter_rspec (1.0.0)
      ci_reporter (~> 2.0)
      rspec (>= 2.14, < 4)
    coderay (1.1.1)
    conjur-asset-ui (1.6.0)
      conjur-api (>= 4.10)
      launchy
      puma
      rack
      rack-streaming-proxy (= 2.0.1)
    crack (0.4.3)
      safe_yaml (~> 1.0.0)
    deep_merge (1.0.1)
    diff-lcs (1.2.5)
    domain_name (0.5.20160310)
      unf (>= 0.0.5, < 1.0.0)
    excon (0.49.0)
    faraday (0.9.2)
      multipart-post (>= 1.2, < 3)
    gli (2.13.4)
    hashdiff (0.3.0)
    heroku (3.41.5)
      heroku-api (>= 0.3.19)
      launchy (>= 0.3.2)
      multi_json (>= 1.10)
      net-ssh-gateway (>= 1.2.0)
      netrc (>= 0.10.0)
      rest-client (>= 1.6.0)
      rubyzip (>= 0.9.9)
    heroku-api (0.4.2)
      excon (~> 0.45)
      multi_json (~> 1.8)
    highline (1.7.8)
    http-cookie (1.0.2)
      domain_name (~> 0.5)
    i18n (0.7.0)
    json (1.8.3)
    kgio (2.10.0)
    launchy (2.4.3)
      addressable (~> 2.3)
    methadone (1.9.2)
      bundler
    method_source (0.8.2)
    mime-types (2.99.1)
    mini_portile2 (2.0.0)
    minitest (5.8.4)
    multi_json (1.11.2)
    multipart-post (2.0.0)
    net-ssh (3.1.1)
    net-ssh-gateway (1.2.0)
      net-ssh (>= 2.6.5)
    netrc (0.10.3)
    nokogiri (1.6.7.2)
      mini_portile2 (~> 2.0.0.rc2)
    pry (0.10.3)
      coderay (~> 1.1.0)
      method_source (~> 0.8.1)
      slop (~> 3.4)
    puma (3.2.0)
    rack (1.6.4)
    rack-protection (1.5.3)
      rack
    rack-streaming-proxy (2.0.1)
      rack (>= 1.4)
      servolux (~> 0.10)
    rack-test (0.6.3)
      rack (>= 1.0)
    raindrops (0.16.0)
    rake (10.5.0)
    rest-client (1.8.0)
      http-cookie (>= 1.0.2, < 2.0)
      mime-types (>= 1.16, < 3.0)
      netrc (~> 0.7)
    rspec (3.4.0)
      rspec-core (~> 3.4.0)
      rspec-expectations (~> 3.4.0)
      rspec-mocks (~> 3.4.0)
    rspec-core (3.4.4)
      rspec-support (~> 3.4.0)
    rspec-expectations (3.4.0)
      diff-lcs (>= 1.2.0, < 2.0)
      rspec-support (~> 3.4.0)
    rspec-mocks (3.4.1)
      diff-lcs (>= 1.2.0, < 2.0)
      rspec-support (~> 3.4.0)
    rspec-support (3.4.1)
    rubyzip (1.2.0)
    safe_yaml (1.0.4)
    semantic (1.4.1)
    sentry-raven (0.12.3)
      faraday (>= 0.7.6)
    servolux (0.12.0)
    sinatra (1.4.7)
      rack (~> 1.5)
      rack-protection (~> 1.4)
      tilt (>= 1.3, < 3)
    slop (3.6.0)
    slosilo (2.0.0)
    thread_safe (0.3.5)
    tilt (2.0.2)
    tzinfo (1.2.2)
      thread_safe (~> 0.1)
    unf (0.1.4)
      unf_ext
    unf_ext (0.0.7.2)
    unicorn (5.0.1)
      kgio (~> 2.6)
      rack
      raindrops (~> 0.7)
    validatable (1.6.7)
    webmock (1.24.2)
      addressable (>= 2.3.6)
      crack (>= 0.3.2)
      hashdiff
    xdg (2.2.3)
    yard (0.8.7.6)

PLATFORMS
  ruby

DEPENDENCIES
  activesupport
  aws-sdk (< 2)
  ci_reporter_rspec
  conjur-api!
  conjur-asset-audit-send!
  conjur-asset-ui
  conjur-cli!
  conjur-sinatra!
  heroku
  net-ssh
  netrc
  pry
  rack-test
  rake (~> 10.5.0)
  rspec
  sentry-raven (~> 0.12.3)
  sinatra
  sqs-job!
  unicorn
  webmock
  yard

BUNDLED WITH
   1.10.6
