GIT
  remote: git://github.com/conjurinc/api-ruby.git
  revision: dff91c0be8fef3f0f7ff8bf3f849b45ca4938c0c
  branch: master
  specs:
    conjur-api (4.16.0)
      activesupport
      rest-client (~> 1.7, >= 1.7.3)

GIT
  remote: git://github.com/conjurinc/cli-ruby.git
  revision: aa95d54d81f03b76d1394958eb5dfc1968f216e3
  branch: master
  specs:
    conjur-cli (4.22.0)
      activesupport
      cas_rest_client
      conjur-api (~> 4.16)
      deep_merge
      gli (>= 2.8.0)
      highline
      methadone
      netrc (~> 0.10.2)
      xdg

GIT
  remote: git://github.com/conjurinc/conjur-asset-audit-send.git
  revision: dd397c936ee6c12c1e0a921825cf7c250e640cdd
  branch: master
  specs:
    conjur-asset-audit-send (1.0.2)

GIT
  remote: git://github.com/conjurinc/conjur-sinatra.git
  revision: 068f9f9f09f4fb5fc801282efffb9b176b864177
  branch: master
  specs:
    conjur-sinatra (0.2.0)
      rack-test
      rspec
      sinatra

GIT
  remote: git://github.com/conjurinc/sqs-job.git
  revision: cb3e407e96abe139102a1bff01a5c61c5edde2e5
  branch: master
  specs:
    sqs-job (1.0.0)
      activesupport
      aws-sdk
      slosilo
      validatable

GEM
  remote: https://rubygems.org/
  specs:
    activesupport (4.2.1)
      i18n (~> 0.7)
      json (~> 1.7, >= 1.7.7)
      minitest (~> 5.1)
      thread_safe (~> 0.3, >= 0.3.4)
      tzinfo (~> 1.1)
    addressable (2.3.8)
    aws-sdk (1.64.0)
      aws-sdk-v1 (= 1.64.0)
    aws-sdk-v1 (1.64.0)
      json (~> 1.4)
      nokogiri (>= 1.4.4)
    builder (3.2.2)
    cas_rest_client (1.3)
      rest-client (>= 1.4.2)
    ci_reporter (2.0.0)
      builder (>= 2.1.2)
    ci_reporter_rspec (1.0.0)
      ci_reporter (~> 2.0)
      rspec (>= 2.14, < 4)
    coderay (1.1.0)
    conjur-asset-ui (1.4.2)
      conjur-api (>= 4.10.2)
      launchy
      puma
      rack
      rack-streaming-proxy (= 2.0.1)
    crack (0.4.2)
      safe_yaml (~> 1.0.0)
    deep_merge (1.0.1)
    diff-lcs (1.2.5)
    domain_name (0.5.24)
      unf (>= 0.0.5, < 1.0.0)
    excon (0.45.3)
    faraday (0.9.1)
      multipart-post (>= 1.2, < 3)
    gli (2.13.0)
    heroku (3.32.0)
      heroku-api (>= 0.3.19)
      launchy (>= 0.3.2)
      multi_json (>= 1.10)
      netrc (>= 0.10.0)
      rest-client (>= 1.6.0)
      rubyzip (>= 0.9.9)
    heroku-api (0.3.23)
      excon (~> 0.44)
      multi_json (~> 1.8)
    highline (1.7.2)
    http-cookie (1.0.2)
      domain_name (~> 0.5)
    i18n (0.7.0)
    json (1.8.2)
    kgio (2.9.3)
    launchy (2.4.3)
      addressable (~> 2.3)
    methadone (1.9.0)
      bundler
    method_source (0.8.2)
    mime-types (2.5)
    mini_portile (0.6.2)
    minitest (5.6.1)
    multi_json (1.11.0)
    multipart-post (2.0.0)
    net-ssh (2.9.2)
    netrc (0.10.3)
    nokogiri (1.6.6.2)
      mini_portile (~> 0.6.0)
    pry (0.10.1)
      coderay (~> 1.1.0)
      method_source (~> 0.8.1)
      slop (~> 3.4)
    puma (2.11.2)
      rack (>= 1.1, < 2.0)
    rack (1.6.0)
    rack-protection (1.5.3)
      rack
    rack-streaming-proxy (2.0.1)
      rack (>= 1.4)
      servolux (~> 0.10)
    rack-test (0.6.3)
      rack (>= 1.0)
    raindrops (0.13.0)
    rake (10.4.2)
    rest-client (1.8.0)
      http-cookie (>= 1.0.2, < 2.0)
      mime-types (>= 1.16, < 3.0)
      netrc (~> 0.7)
    rspec (3.2.0)
      rspec-core (~> 3.2.0)
      rspec-expectations (~> 3.2.0)
      rspec-mocks (~> 3.2.0)
    rspec-core (3.2.3)
      rspec-support (~> 3.2.0)
    rspec-expectations (3.2.1)
      diff-lcs (>= 1.2.0, < 2.0)
      rspec-support (~> 3.2.0)
    rspec-mocks (3.2.1)
      diff-lcs (>= 1.2.0, < 2.0)
      rspec-support (~> 3.2.0)
    rspec-support (3.2.2)
    rubyzip (1.1.7)
    safe_yaml (1.0.4)
    sentry-raven (0.12.3)
      faraday (>= 0.7.6)
    servolux (0.10.0)
    sinatra (1.4.6)
      rack (~> 1.4)
      rack-protection (~> 1.4)
      tilt (>= 1.3, < 3)
    slop (3.6.0)
    slosilo (2.0.0)
    thread_safe (0.3.5)
    tilt (2.0.1)
    tzinfo (1.2.2)
      thread_safe (~> 0.1)
    unf (0.1.4)
      unf_ext
    unf_ext (0.0.7.1)
    unicorn (4.9.0)
      kgio (~> 2.6)
      rack
      raindrops (~> 0.7)
    validatable (1.6.7)
    webmock (1.21.0)
      addressable (>= 2.3.6)
      crack (>= 0.3.2)
    xdg (2.2.3)
    yard (0.8.7.6)

PLATFORMS
  ruby

DEPENDENCIES
  activesupport
  aws-sdk (< 2)
  ci_reporter_rspec
  conjur-api (~> 4.13)!
  conjur-asset-audit-send!
  conjur-asset-ui
  conjur-cli (~> 4.20)!
  conjur-sinatra!
  heroku
  net-ssh
  netrc
  pry
  rack-test
  rake
  rspec
  sentry-raven (~> 0.12.3)
  sinatra
  sqs-job!
  unicorn
  webmock
  yard
