GIT
  remote: git://github.com/conjurinc/api-ruby.git
  revision: 3c50af193efde268353b35bb4d24266af393e64f
  branch: master
  specs:
    conjur-api (4.10.2)
      activesupport
      rest-client (= 1.6.7)
      wrong

GIT
  remote: git://github.com/conjurinc/cli-ruby.git
  revision: 839ed23382d029bbc9052366b4a8d3d0993ba89a
  branch: master
  specs:
    conjur-cli (4.15.0)
      activesupport
      cas_rest_client
      conjur-api (>= 4.10.0)
      deep_merge
      gli (>= 2.8.0)
      highline
      methadone
      netrc

GIT
  remote: git://github.com/conjurinc/conjur-asset-audit-send.git
  revision: 3b082b24185de12ec5b767ffe60c01f2db7d1b05
  branch: master
  specs:
    conjur-asset-audit-send (1.0.1)

GIT
  remote: git://github.com/conjurinc/conjur-sinatra.git
  revision: 3d807ee1eba32f57d64e34d801a43c0c9459ed17
  branch: master
  specs:
    conjur-sinatra (0.1.0)
      rack-test
      rspec
      sinatra

GEM
  remote: https://rubygems.org/
  specs:
    activesupport (4.1.6)
      i18n (~> 0.6, >= 0.6.9)
      json (~> 1.7, >= 1.7.7)
      minitest (~> 5.1)
      thread_safe (~> 0.1)
      tzinfo (~> 1.1)
    addressable (2.3.6)
    builder (3.2.2)
    capybara (2.4.4)
      mime-types (>= 1.16)
      nokogiri (>= 1.3.3)
      rack (>= 1.0.0)
      rack-test (>= 0.5.4)
      xpath (~> 2.0)
    cas_rest_client (1.3)
      rest-client (>= 1.4.2)
    ci_reporter (2.0.0)
      builder (>= 2.1.2)
    ci_reporter_rspec (1.0.0)
      ci_reporter (~> 2.0)
      rspec (>= 2.14, < 4)
    coderay (1.1.0)
    conjur-asset-ui (1.3.0)
      conjur-api (>= 4.10.2)
      launchy
      puma
      rack
      rack-streaming-proxy (= 2.0.1)
    crack (0.4.2)
      safe_yaml (~> 1.0.0)
    cucumber (1.3.17)
      builder (>= 2.1.2)
      diff-lcs (>= 1.1.3)
      gherkin (~> 2.12)
      multi_json (>= 1.7.5, < 2.0)
      multi_test (>= 0.1.1)
    cucumber-sinatra (0.5.0)
      templater (>= 1.0.0)
    daemons (1.1.9)
    deep_merge (1.0.1)
    diff-lcs (1.2.5)
    eventmachine (1.0.3)
    excon (0.40.0)
    extlib (0.9.16)
    gherkin (2.12.2)
      multi_json (~> 1.3)
    gli (2.12.2)
    heroku (3.12.1)
      heroku-api (~> 0.3.19)
      launchy (>= 0.3.2)
      netrc (~> 0.7.7)
      rest-client (= 1.6.7)
      rubyzip (= 0.9.9)
    heroku-api (0.3.19)
      excon (~> 0.38)
      multi_json (~> 1.8)
    highline (1.6.21)
    i18n (0.6.11)
    json (1.8.1)
    json_spec (1.1.4)
      multi_json (~> 1.0)
      rspec (>= 2.0, < 4.0)
    launchy (2.4.2)
      addressable (~> 2.3)
    methadone (1.7.0)
      bundler
    method_source (0.8.2)
    mime-types (2.4.1)
    mini_portile (0.6.0)
    minitest (5.4.2)
    multi_json (1.10.1)
    multi_test (0.1.1)
    net-ssh (2.9.1)
    netrc (0.7.7)
    nokogiri (1.6.3.1)
      mini_portile (= 0.6.0)
    predicated (0.2.6)
    pry (0.10.1)
      coderay (~> 1.1.0)
      method_source (~> 0.8.1)
      slop (~> 3.4)
    puma (2.9.1)
      rack (>= 1.1, < 2.0)
    rack (1.5.2)
    rack-protection (1.5.3)
      rack
    rack-streaming-proxy (2.0.1)
      rack (>= 1.4)
      servolux (~> 0.10)
    rack-test (0.6.2)
      rack (>= 1.0)
    rake (10.3.2)
    rest-client (1.6.7)
      mime-types (>= 1.16)
    rspec (2.99.0)
      rspec-core (~> 2.99.0)
      rspec-expectations (~> 2.99.0)
      rspec-mocks (~> 2.99.0)
    rspec-core (2.99.2)
    rspec-expectations (2.99.2)
      diff-lcs (>= 1.1.3, < 2.0)
    rspec-mocks (2.99.2)
    ruby2ruby (2.1.3)
      ruby_parser (~> 3.1)
      sexp_processor (~> 4.0)
    ruby_parser (3.6.3)
      sexp_processor (~> 4.1)
    rubyzip (0.9.9)
    safe_yaml (1.0.4)
    servolux (0.10.0)
    sexp_processor (4.4.4)
    sinatra (1.4.5)
      rack (~> 1.4)
      rack-protection (~> 1.4)
      tilt (~> 1.3, >= 1.3.4)
    slop (3.6.0)
    templater (1.0.0)
      diff-lcs (>= 1.1.2)
      extlib (>= 0.9.5)
      highline (>= 1.4.0)
    thin (1.6.3)
      daemons (~> 1.0, >= 1.0.9)
      eventmachine (~> 1.0)
      rack (~> 1.0)
    thread_safe (0.3.4)
    tilt (1.4.1)
    tzinfo (1.2.2)
      thread_safe (~> 0.1)
    webmock (1.19.0)
      addressable (>= 2.3.6)
      crack (>= 0.3.2)
    wrong (0.7.1)
      diff-lcs (~> 1.2.5)
      predicated (~> 0.2.6)
      ruby2ruby (>= 2.0.1)
      ruby_parser (>= 3.0.1)
      sexp_processor (>= 4.0)
    xpath (2.0.0)
      nokogiri (~> 1.3)
    yard (0.8.7.4)

PLATFORMS
  ruby

DEPENDENCIES
  activesupport
  capybara
  ci_reporter_rspec
  conjur-api!
  conjur-asset-audit-send!
  conjur-asset-ui
  conjur-cli!
  conjur-sinatra!
  cucumber
  cucumber-sinatra
  heroku
  json_spec
  net-ssh
  netrc
  pry
  rack-test
  rake
  rspec (>= 2.14, < 3.0)
  sinatra
  thin
  webmock
  yard
